PATH
  remote: .
  specs:
    test-org-test-domain (0.0.1)

GEM
  remote: https://rubygems.org/
  specs:
    ast (2.4.3)
    bigdecimal (3.1.9)
    byebug (11.1.3)
    coderay (1.1.3)
    diff-lcs (1.6.0)
    docile (1.4.1)
    extract-repo (0.0.9)
      foobara
      foobara-sh-cli-connector
    ffi (1.17.1-x86_64-linux-gnu)
    foob (0.0.12)
      foobara
      foobara-command-generator
      foobara-domain-generator
      foobara-domain-mapper-generator
      foobara-empty-ruby-project-generator
      foobara-empty-typescript-react-project-generator
      foobara-local-files-crud-driver-generator
      foobara-organization-generator
      foobara-rack-connector-generator
      foobara-redis-crud-driver-generator
      foobara-remote-imports-generator
      foobara-resque-connector-generator
      foobara-resque-scheduler-connector-generator
      foobara-sh-cli-connector (~> 0.0.10)
      foobara-sh-cli-connector-generator
      foobara-type-generator
      foobara-typescript-react-command-form-generator
      foobara-typescript-remote-command-generator
    foobara (0.0.82)
      bigdecimal
      foobara-lru-cache
      foobara-util
    foobara-command-generator (0.0.3)
      foobara
      foobara-files-generator
    foobara-domain-generator (0.0.3)
      foobara
      foobara-files-generator
    foobara-domain-mapper-generator (0.0.4)
      foobara
      foobara-files-generator
    foobara-empty-ruby-project-generator (0.0.14)
      extract-repo
      foobara
      foobara-files-generator
    foobara-empty-typescript-react-project-generator (0.0.4)
      foobara
      foobara-files-generator
    foobara-files-generator (0.0.5)
      foobara
    foobara-local-files-crud-driver-generator (0.0.3)
      foobara
      foobara-files-generator
    foobara-lru-cache (0.0.2)
    foobara-organization-generator (0.0.2)
      foobara
      foobara-files-generator
    foobara-rack-connector-generator (0.0.9)
      foobara
      foobara-files-generator
    foobara-redis-crud-driver-generator (0.0.3)
      foobara
      foobara-files-generator
    foobara-remote-imports-generator (0.0.3)
      foobara
      foobara-files-generator
    foobara-resque-connector-generator (0.0.2)
      foobara
      foobara-files-generator
    foobara-resque-scheduler-connector-generator (0.0.2)
      foobara
      foobara-files-generator
    foobara-rubocop-rules (0.0.8)
      rubocop
      rubocop-rspec
    foobara-sh-cli-connector (0.0.12)
      foobara
    foobara-sh-cli-connector-generator (0.0.3)
      foobara
      foobara-files-generator
    foobara-spec-helpers (0.0.4)
      foobara-util
    foobara-type-generator (0.0.4)
      foobara
      foobara-files-generator
    foobara-typescript-react-command-form-generator (0.0.7)
      foobara
      foobara-files-generator
      foobara-typescript-remote-command-generator
    foobara-typescript-remote-command-generator (0.0.13)
      foobara
      foobara-files-generator
    foobara-util (0.0.11)
    formatador (1.1.0)
    guard (2.19.1)
      formatador (>= 0.2.4)
      listen (>= 2.7, < 4.0)
      logger (~> 1.6)
      lumberjack (>= 1.0.12, < 2.0)
      nenv (~> 0.1)
      notiffany (~> 0.0)
      ostruct (~> 0.6)
      pry (>= 0.13.0)
      shellany (~> 0.0)
      thor (>= 0.18.1)
    guard-compat (1.2.1)
    guard-rspec (4.7.3)
      guard (~> 2.1)
      guard-compat (~> 1.1)
      rspec (>= 2.99.0, < 4.0)
    json (2.10.2)
    language_server-protocol (3.17.0.4)
    lint_roller (1.1.0)
    listen (3.9.0)
      rb-fsevent (~> 0.10, >= 0.10.3)
      rb-inotify (~> 0.9, >= 0.9.10)
    logger (1.6.6)
    lumberjack (1.2.10)
    method_source (1.1.0)
    nenv (0.3.0)
    notiffany (0.1.3)
      nenv (~> 0.1)
      shellany (~> 0.0)
    ostruct (0.6.1)
    parallel (1.26.3)
    parser (3.3.7.2)
      ast (~> 2.4.1)
      racc
    pry (0.14.2)
      coderay (~> 1.1)
      method_source (~> 1.0)
    pry-byebug (3.10.1)
      byebug (~> 11.0)
      pry (>= 0.13, < 0.15)
    racc (1.8.1)
    rainbow (3.1.1)
    rake (13.2.1)
    rb-fsevent (0.11.2)
    rb-inotify (0.11.1)
      ffi (~> 1.0)
    regexp_parser (2.10.0)
    rspec (3.13.0)
      rspec-core (~> 3.13.0)
      rspec-expectations (~> 3.13.0)
      rspec-mocks (~> 3.13.0)
    rspec-core (3.13.3)
      rspec-support (~> 3.13.0)
    rspec-expectations (3.13.3)
      diff-lcs (>= 1.2.0, < 2.0)
      rspec-support (~> 3.13.0)
    rspec-its (2.0.0)
      rspec-core (>= 3.13.0)
      rspec-expectations (>= 3.13.0)
    rspec-mocks (3.13.2)
      diff-lcs (>= 1.2.0, < 2.0)
      rspec-support (~> 3.13.0)
    rspec-support (3.13.2)
    rubocop (1.74.0)
      json (~> 2.3)
      language_server-protocol (~> 3.17.0.2)
      lint_roller (~> 1.1.0)
      parallel (~> 1.10)
      parser (>= 3.3.0.2)
      rainbow (>= 2.2.2, < 4.0)
      regexp_parser (>= 2.9.3, < 3.0)
      rubocop-ast (>= 1.38.0, < 2.0)
      ruby-progressbar (~> 1.7)
      unicode-display_width (>= 2.4.0, < 4.0)
    rubocop-ast (1.41.0)
      parser (>= 3.3.7.2)
    rubocop-rake (0.7.1)
      lint_roller (~> 1.1)
      rubocop (>= 1.72.1)
    rubocop-rspec (3.5.0)
      lint_roller (~> 1.1)
      rubocop (~> 1.72, >= 1.72.1)
    ruby-progressbar (1.13.0)
    shellany (0.0.1)
    simplecov (0.22.0)
      docile (~> 1.1)
      simplecov-html (~> 0.11)
      simplecov_json_formatter (~> 0.1)
    simplecov-html (0.13.1)
    simplecov_json_formatter (0.1.4)
    thor (1.3.2)
    unicode-display_width (3.1.4)
      unicode-emoji (~> 4.0, >= 4.0.4)
    unicode-emoji (4.0.4)

PLATFORMS
  x86_64-linux

DEPENDENCIES
  foob
  foobara
  foobara-command-generator
  foobara-domain-generator
  foobara-empty-ruby-project-generator
  foobara-files-generator
  foobara-organization-generator
  foobara-rubocop-rules
  foobara-spec-helpers
  foobara-util
  guard-rspec
  pry
  pry-byebug
  rake
  rspec
  rspec-its
  rubocop-rake
  rubocop-rspec
  simplecov
  test-org-test-domain!

RUBY VERSION
   ruby 3.4.2p28

BUNDLED WITH
   2.4.14
